GIT
  remote: git://github.com/danbee/webee.git
  revision: 191a735e8ea2c88e3d1da420ec358f7e2510d534
  branch: hf2_patch
  specs:
    webee (0.3.6)
      activesupport
      alchemist
      builder
      i18n
      nokogiri
      rest-client
      sax-machine

GEM
  remote: http://rubygems.org/
  specs:
    abstract (1.0.0)
    actionmailer (3.0.9)
      actionpack (= 3.0.9)
      mail (~> 2.2.19)
    actionpack (3.0.9)
      activemodel (= 3.0.9)
      activesupport (= 3.0.9)
      builder (~> 2.1.2)
      erubis (~> 2.6.6)
      i18n (~> 0.5.0)
      rack (~> 1.2.1)
      rack-mount (~> 0.6.14)
      rack-test (~> 0.5.7)
      tzinfo (~> 0.3.23)
    activemodel (3.0.9)
      activesupport (= 3.0.9)
      builder (~> 2.1.2)
      i18n (~> 0.5.0)
    activerecord (3.0.9)
      activemodel (= 3.0.9)
      activesupport (= 3.0.9)
      arel (~> 2.0.10)
      tzinfo (~> 0.3.23)
    activeresource (3.0.9)
      activemodel (= 3.0.9)
      activesupport (= 3.0.9)
    activesupport (3.0.9)
    alchemist (0.1.2.1)
    arel (2.0.10)
    attr_encrypted (1.2.0)
      encryptor (>= 1.1.1)
    aws-s3 (0.6.2)
      builder
      mime-types
      xml-simple
    bcrypt-ruby (3.0.1)
    builder (2.1.2)
    client_side_validations (3.0.12)
    cocaine (0.2.0)
    devise (1.4.7)
      bcrypt-ruby (~> 3.0)
      orm_adapter (~> 0.0.3)
      warden (~> 1.0.3)
    encryptor (1.1.3)
    erubis (2.6.6)
      abstract (>= 1.0.0)
    formtastic (2.0.0)
      rails (~> 3.0)
    haml (3.1.3)
    i18n (0.5.0)
    jquery-rails (1.0.14)
      railties (~> 3.0)
      thor (~> 0.14)
    mail (2.2.19)
      activesupport (>= 2.3.6)
      i18n (>= 0.4.0)
      mime-types (~> 1.16)
      treetop (~> 1.4.8)
    meta_where (1.0.4)
      activerecord (~> 3.0.0)
      activesupport (~> 3.0.0)
      arel (~> 2.0.7)
    mime-types (1.16)
    nokogiri (1.5.0)
    orm_adapter (0.0.5)
    paperclip (2.4.2)
      activerecord (>= 2.3.0)
      activesupport (>= 2.3.2)
      cocaine (>= 0.0.2)
      mime-types
    polyglot (0.3.2)
    rack (1.2.4)
    rack-mount (0.6.14)
      rack (>= 1.0.0)
    rack-test (0.5.7)
      rack (>= 1.0)
    rails (3.0.9)
      actionmailer (= 3.0.9)
      actionpack (= 3.0.9)
      activerecord (= 3.0.9)
      activeresource (= 3.0.9)
      activesupport (= 3.0.9)
      bundler (~> 1.0)
      railties (= 3.0.9)
    railties (3.0.9)
      actionpack (= 3.0.9)
      activesupport (= 3.0.9)
      rake (>= 0.8.7)
      rdoc (~> 3.4)
      thor (~> 0.14.4)
    rake (0.9.2)
    rdiscount (1.6.8)
    rdoc (3.9.4)
    rest-client (1.6.7)
      mime-types (>= 1.16)
    rubypants (0.2.0)
    sax-machine (0.0.20)
      nokogiri (> 0.0.0)
    sqlite3 (1.3.4)
    thor (0.14.6)
    treetop (1.4.10)
      polyglot
      polyglot (>= 0.3.1)
    tzinfo (0.3.29)
    warden (1.0.5)
      rack (>= 1.0)
    xml-simple (1.1.0)
    yaml_db (0.2.1)

PLATFORMS
  ruby

DEPENDENCIES
  attr_encrypted
  aws-s3
  client_side_validations (= 3.0.12)
  devise
  formtastic
  haml
  jquery-rails
  meta_where
  paperclip
  rails (= 3.0.9)
  rdiscount
  rubypants
  sqlite3
  webee!
  yaml_db
